GEM
  remote: http://rubygems.org/
  specs:
    commonjs (0.2.5)
    configuration (1.3.1)
    guard (0.2.2)
      open_gem (~> 1.4.2)
      thor (~> 0.14.3)
    guard-shell (0.4.0)
      guard (>= 0.2.0)
    guard-sprockets (0.3.1)
      guard (~> 0.2.2)
      sprockets (~> 2)
    hike (1.2.1)
    launchy (0.3.7)
      configuration (>= 0.0.5)
      rake (>= 0.8.1)
    less (2.0.11)
      commonjs (~> 0.2.0)
      therubyracer (~> 0.9.9)
    libv8 (3.3.10.4)
    multi_json (1.1.0)
    open_gem (1.4.2)
      launchy (~> 0.3.5)
    rack (1.4.1)
    rake (0.9.2.2)
    rb-fsevent (0.9.0)
    sprockets (2.3.1)
      hike (~> 1.2)
      multi_json (~> 1.0)
      rack (~> 1.0)
      tilt (~> 1.1, != 1.3.0)
    therubyracer (0.9.10)
      libv8 (~> 3.3.10)
    thor (0.14.6)
    tilt (1.3.3)

PLATFORMS
  ruby

DEPENDENCIES
  guard-shell
  guard-sprockets (= 0.3.1)
  less
  rb-fsevent
